GEM
  remote: http://rubygems.org/
  specs:
    bacon (1.1.0)
    bson (1.5.2)
    bson_ext (1.5.2)
      bson (= 1.5.2)
    diff-lcs (1.1.3)
    em-mongo (0.4.2)
      bson (>= 1.1.3)
      eventmachine (>= 0.12.10)
    em-spec (0.2.6)
      bacon
      eventmachine
      rspec (> 2.6.0)
      test-unit
    eventmachine (0.12.10)
    json (1.6.5)
    rspec (2.8.0)
      rspec-core (~> 2.8.0)
      rspec-expectations (~> 2.8.0)
      rspec-mocks (~> 2.8.0)
    rspec-core (2.8.0)
    rspec-expectations (2.8.0)
      diff-lcs (~> 1.1.2)
    rspec-mocks (2.8.0)
    test-unit (2.4.7)
    yajl-ruby (1.1.0)

PLATFORMS
  ruby

DEPENDENCIES
  bson_ext
  em-mongo
  em-spec
  eventmachine
  json
  rspec
  yajl-ruby
