GEM
  remote: http://rubygems.org/
  specs:
    eventmachine (0.12.10)
    json (1.6.5)
    yajl-ruby (1.1.0)

PLATFORMS
  ruby

DEPENDENCIES
  eventmachine
  json
  yajl-ruby
